PATH
  remote: .
  specs:
    mantisrb (0.1.0)
      builder (>= 2.1.2)
      bundler
      log4r
      nokogiri (~> 1.6.0)
      savon

GEM
  remote: http://rubygems.org/
  specs:
    akami (1.0.0)
      gyoku (>= 0.4.0)
    builder (2.1.2)
    coderay (0.9.8)
    diff-lcs (1.1.3)
    docile (1.1.1)
    ffi (1.0.9)
    ffi (1.0.9-x86-mingw32)
    growl (1.0.3)
    guard (0.6.3)
      thor (~> 0.14.6)
    guard-minitest (0.4.0)
      guard (~> 0.4)
    guard-rake (0.0.1)
      guard
      rake
    gyoku (0.4.4)
      builder (>= 2.1.2)
    httpi (0.9.5)
      rack
    log4r (1.1.10)
    metaclass (0.0.1)
    method_source (0.6.5)
      ruby_parser (>= 2.0.5)
    mini_portile (0.5.2)
    minitest (2.6.0)
    mocha (0.10.0)
      metaclass (~> 0.0.1)
    multi_json (1.8.2)
    nokogiri (1.6.1)
      mini_portile (~> 0.5.0)
    nokogiri (1.6.1-x86-mingw32)
      mini_portile (~> 0.5.0)
    nori (1.0.2)
    pry (0.9.5)
      coderay (>= 0.9.8)
      method_source (>= 0.6.5)
      ruby_parser (>= 2.0.5)
      slop (~> 2.1.0)
    pry (0.9.5-x86-mingw32)
      coderay (>= 0.9.8)
      method_source (>= 0.6.5)
      ruby_parser (>= 2.0.5)
      slop (~> 2.1.0)
      win32console (>= 1.3.0)
    rack (1.3.2)
    rake (0.9.2)
    rb-fchange (0.0.5)
      ffi
    rb-fsevent (0.4.3.1)
    rb-notifu (0.0.4)
    rdiscount (1.6.8)
    rspec (2.6.0)
      rspec-core (~> 2.6.0)
      rspec-expectations (~> 2.6.0)
      rspec-mocks (~> 2.6.0)
    rspec-core (2.6.4)
    rspec-expectations (2.6.0)
      diff-lcs (~> 1.1.2)
    rspec-mocks (2.6.0)
    ruby_parser (2.3.0)
      sexp_processor (~> 3.0)
    savon (0.9.7)
      akami (~> 1.0)
      builder (>= 2.1.2)
      gyoku (>= 0.4.0)
      httpi (~> 0.9)
      nokogiri (>= 1.4.0)
      nori (~> 1.0)
      wasabi (~> 2.0)
    savon_spec (0.1.6)
      mocha (>= 0.9.8)
      rspec (>= 2.0.0)
      savon (>= 0.8.0)
    sexp_processor (3.0.6)
    simplecov (0.8.2)
      docile (~> 1.1.0)
      multi_json
      simplecov-html (~> 0.8.0)
    simplecov-html (0.8.0)
    slop (2.1.0)
    thor (0.14.6)
    wasabi (2.0.0)
      nokogiri (>= 1.4.0)
    win32console (1.3.0-x86-mingw32)
    yard (0.7.2)

PLATFORMS
  ruby
  x86-mingw32

DEPENDENCIES
  growl
  guard
  guard-minitest
  guard-rake
  mantisrb!
  minitest (>= 2.5.0)
  pry (>= 0.9.5)
  rake
  rb-fchange
  rb-fsevent
  rb-notifu
  rdiscount
  savon_spec
  simplecov (>= 0.5.2)
  yard
